GEM
  remote: https://rubygems.org/
  specs:
    httparty (0.21.0)
      mini_mime (>= 1.0.0)
      multi_xml (>= 0.5.2)
    mini_mime (1.1.5)
    mini_portile2 (2.8.5)
    multi_xml (0.6.0)
    sqlite3 (1.7.1)
      mini_portile2 (~> 2.8.0)

PLATFORMS
  ruby

DEPENDENCIES
  httparty (= 0.21.0)
  sqlite3 (= 1.7.1)

BUNDLED WITH
   2.3.7
